GEM
  remote: https://rubygems.org/
  specs:
    Selenium (1.1.14)
    activesupport (3.1.12)
      multi_json (~> 1.0)
    builder (3.2.2)
    childprocess (0.3.9)
      ffi (~> 1.0, >= 1.0.11)
    coderay (1.0.9)
    commonwatir (4.0.0)
    cucumber (1.3.5)
      builder (>= 2.1.2)
      diff-lcs (>= 1.1.3)
      gherkin (~> 2.12.0)
      multi_json (~> 1.7.5)
      multi_test (>= 0.0.2)
    diff-lcs (1.2.4)
    ffi (1.9.0)
    firewatir (1.9.4)
      commonwatir (>= 1.9.2)
    gherkin (2.12.0)
      multi_json (~> 1.3)
    hoe (3.7.0)
      rake (>= 0.8, < 11.0)
    i18n (0.6.4)
    method_source (0.8.2)
    mocha (0.9.12)
    multi_json (1.7.8)
    multi_test (0.0.2)
    pry (0.9.12.2)
      coderay (~> 1.0.5)
      method_source (~> 0.8)
      slop (~> 3.4)
    pry-nav (0.2.3)
      pry (~> 0.9.10)
    rake (0.9.6)
    rspec (2.14.1)
      rspec-core (~> 2.14.0)
      rspec-expectations (~> 2.14.0)
      rspec-mocks (~> 2.14.0)
    rspec-core (2.14.4)
    rspec-expectations (2.14.0)
      diff-lcs (>= 1.1.3, < 2.0)
    rspec-mocks (2.14.2)
    rubigen (1.5.8)
      activesupport (>= 2.3.5, < 3.2.0)
    rubyzip (0.9.9)
    s4t-utils (1.0.4)
      hoe (>= 1.3.0)
    selenium-webdriver (2.34.0)
      childprocess (>= 0.2.5)
      multi_json (~> 1.0)
      rubyzip
      websocket (~> 1.0.4)
    slop (3.4.6)
    taza (0.9.1.2)
      Selenium (~> 1.1.14)
      firewatir (~> 1.9.4)
      mocha (~> 0.9.3)
      rake (~> 0.9.2)
      rspec (~> 2.6)
      rubigen (~> 1.5.6)
      user-choices (~> 1.1.6.1)
      watir-webdriver (~> 0.4)
    user-choices (1.1.6.1)
      builder (>= 2.1.2)
      s4t-utils (>= 1.0.3)
      xml-simple (>= 1.0.11)
    watir-webdriver (0.6.4)
      selenium-webdriver (>= 2.18.0)
    websocket (1.0.7)
    xml-simple (1.1.2)

PLATFORMS
  ruby

DEPENDENCIES
  cucumber
  i18n
  pry
  pry-nav
  rspec
  selenium-webdriver
  taza
  watir-webdriver
